GEM
  remote: https://rubygems.org/
  specs:
    ox (2.14.10)

PLATFORMS
  ruby

DEPENDENCIES
  ox (= 2.14.10)

BUNDLED WITH
   2.1.4
