GEM
  remote: https://rubygems.org/
  specs:
    ox (2.14.10)
    slop (4.9.2)

PLATFORMS
  ruby

DEPENDENCIES
  ox (= 2.14.10)
  slop (= 4.9.2)

BUNDLED WITH
   2.1.4
